PATH
  remote: .
  specs:
    ruby-stemmer (2.0.0)

GEM
  remote: https://rubygems.org/
  specs:
    minitest (5.5.1)
    rake (10.4.2)
    rake-compiler (0.9.5)
      rake

PLATFORMS
  ruby

DEPENDENCIES
  minitest (~> 5.5)
  rake-compiler (~> 0.9)
  ruby-stemmer!

BUNDLED WITH
   1.16.1
